GIT
  remote: git://github.com/BenjaminMedia/image_system.git
  revision: 3bd8863c580f9f1202344dde90b151de56a86664
  specs:
    image_system (0.0.10)
      activerecord (>= 4.1.4)
      cdnconnect-api (~> 0.4.2)
      uuidtools (~> 2.1.4)

GIT
  remote: git://github.com/cbeer/rack-mini-profiler.git
  revision: 258781e4f362efdba3951b8d7607e7bc70862eb9
  branch: rails-engine
  specs:
    rack-mini-profiler (0.9.1)
      rack (>= 1.1.3)

PATH
  remote: .
  specs:
    white_album_theme (0.0.1.dev)
      bootstrap-sass (~> 3.2.0)
      compass-rails (~> 2.0.0)
      compass-rgbapng (~> 0.2.1)
      html5shiv-rails
      respond-js-rails
      white_album_core (= 0.0.1.dev)

PATH
  remote: ../core
  specs:
    white_album_core (0.0.1.dev)
      awesome_nested_set (= 3.0.0.rc.3)
      aws-sdk-v1 (~> 1.55.0)
      belongs_to_hstore (~> 0.0.3)
      devise (~> 3.4.1)
      friendly_id (~> 5.0.3)
      hstore_accessor (~> 0.6.0)
      image_system (~> 0.0.10)
      imgix (~> 0.3.0)
      mime-types (>= 1.16)
      savon (~> 2.8.0)
      will_paginate (~> 3.0.7)

GEM
  remote: https://rubygems.org/
  specs:
    actionmailer (4.1.4)
      actionpack (= 4.1.4)
      actionview (= 4.1.4)
      mail (~> 2.5.4)
    actionpack (4.1.4)
      actionview (= 4.1.4)
      activesupport (= 4.1.4)
      rack (~> 1.5.2)
      rack-test (~> 0.6.2)
    actionview (4.1.4)
      activesupport (= 4.1.4)
      builder (~> 3.1)
      erubis (~> 2.7.0)
    activemodel (4.1.4)
      activesupport (= 4.1.4)
      builder (~> 3.1)
    activerecord (4.1.4)
      activemodel (= 4.1.4)
      activesupport (= 4.1.4)
      arel (~> 5.0.0)
    activesupport (4.1.4)
      i18n (~> 0.6, >= 0.6.9)
      json (~> 1.7, >= 1.7.7)
      minitest (~> 5.1)
      thread_safe (~> 0.1)
      tzinfo (~> 1.1)
    addressable (2.3.6)
    akami (1.2.2)
      gyoku (>= 0.4.0)
      nokogiri
    arel (5.0.1.20140414130214)
    awesome_nested_set (3.0.0.rc.3)
      activerecord (>= 4.0.0, < 5)
    aws-sdk-v1 (1.55.0)
      json (~> 1.4)
      nokogiri (>= 1.4.4)
    bcrypt (3.1.9)
    belongs_to_hstore (0.0.3)
      activerecord (>= 3.1)
    better_errors (1.1.0)
      coderay (>= 1.0.0)
      erubis (>= 2.6.6)
    binding_of_caller (0.7.2)
      debug_inspector (>= 0.0.1)
    bootstrap-sass (3.2.0.1)
      sass (~> 3.2)
    builder (3.2.2)
    bullet (4.13.0)
      activesupport (>= 3.0.0)
      uniform_notifier (>= 1.6.0)
    byebug (2.7.0)
      columnize (~> 0.3)
      debugger-linecache (~> 1.2)
    callsite (0.0.11)
    capybara (2.4.1)
      mime-types (>= 1.16)
      nokogiri (>= 1.3.3)
      rack (>= 1.0.0)
      rack-test (>= 0.5.4)
      xpath (~> 2.0)
    cdnconnect-api (0.4.2)
      faraday (>= 0.8.7)
      json
      signet (>= 0.4.5)
    celluloid (0.15.2)
      timers (~> 1.1.0)
    chunky_png (1.3.1)
    cliver (0.3.2)
    codeclimate-test-reporter (0.3.0)
      simplecov (>= 0.7.1, < 1.0.0)
    coderay (1.1.0)
    coffee-rails (4.0.1)
      coffee-script (>= 2.2.0)
      railties (>= 4.0.0, < 5.0)
    coffee-script (2.3.0)
      coffee-script-source
      execjs
    coffee-script-source (1.8.0)
    colorize (0.7.3)
    columnize (0.8.9)
    compass (0.12.7)
      chunky_png (~> 1.2)
      fssm (>= 0.2.7)
      sass (~> 3.2.19)
    compass-rails (2.0.0)
      compass (>= 0.12.2)
    compass-rgbapng (0.2.1)
      chunky_png (>= 0.8.0)
      compass (>= 0.10.0)
    connection_pool (2.0.0)
    coveralls (0.7.0)
      multi_json (~> 1.3)
      rest-client
      simplecov (>= 0.7)
      term-ansicolor
      thor
    crack (0.4.2)
      safe_yaml (~> 1.0.0)
    css_parser (1.3.5)
      addressable
    daemons (1.1.9)
    dalli (2.7.2)
    database_cleaner (1.3.0)
    debug_inspector (0.0.2)
    debugger-linecache (1.2.0)
    deep_cloneable (2.0.0)
      activerecord (>= 3.1.0, < 5.0.0)
    deface (1.0.0)
      colorize (>= 0.5.8)
      nokogiri (~> 1.6.0)
      rails (>= 3.1)
    devise (3.4.1)
      bcrypt (~> 3.0)
      orm_adapter (~> 0.1)
      railties (>= 3.2.6, < 5)
      responders
      thread_safe (~> 0.1)
      warden (~> 1.2.3)
    diff-lcs (1.2.5)
    erubis (2.7.0)
    eventmachine (1.0.3)
    execjs (2.2.1)
    factory_girl (4.4.0)
      activesupport (>= 3.0.0)
    factory_girl_rails (4.4.1)
      factory_girl (~> 4.4.0)
      railties (>= 3.0.0)
    faker (1.4.2)
      i18n (~> 0.5)
    faraday (0.9.0)
      multipart-post (>= 1.2, < 3)
    ffi (1.9.3)
    figaro (1.0.0.rc1)
      rails (>= 3, < 5)
      thor (~> 0.14)
    font-awesome-sass (4.1.0)
      sass (~> 3.2)
    formatador (0.2.5)
    friendly_id (5.0.4)
      activerecord (>= 4.0.0)
    fssm (0.2.10)
    generator_spec (0.9.2)
      activesupport (>= 3.0.0)
      railties (>= 3.0.0)
    guard (2.6.1)
      formatador (>= 0.2.4)
      listen (~> 2.7)
      lumberjack (~> 1.0)
      pry (>= 0.9.12)
      thor (>= 0.18.1)
    guard-rspec (4.2.10)
      guard (~> 2.1)
      rspec (>= 2.14, < 4.0)
    gyoku (1.2.2)
      builder (>= 2.1.2)
    haml (4.0.6)
      tilt
    hashie (3.2.0)
    hike (1.2.3)
    hstore_accessor (0.6.1)
      activesupport (>= 3.2.0)
    html5shiv-rails (0.0.2)
      railties (>= 3.2.0, < 5.0)
    htmlentities (4.3.2)
    httparty (0.13.3)
      json (~> 1.8)
      multi_xml (>= 0.5.2)
    httpi (2.3.0)
      rack
    i18n (0.6.11)
    ice_cube (0.12.1)
    imgix (0.3.0)
      addressable
    jquery-rails (3.1.1)
      railties (>= 3.0, < 5.0)
      thor (>= 0.14, < 2.0)
    jquery-turbolinks (2.0.2)
      railties (>= 3.1.0)
      turbolinks
    jquery-ui-rails (5.0.0)
      railties (>= 3.2.16)
    json (1.8.1)
    jwt (1.0.0)
    kgio (2.9.2)
    koala (1.10.0)
      addressable
      faraday
      multi_json
    launchy (2.4.2)
      addressable (~> 2.3)
    listen (2.7.9)
      celluloid (>= 0.15.2)
      rb-fsevent (>= 0.9.3)
      rb-inotify (>= 0.9)
    lumberjack (1.0.9)
    macaddr (1.7.1)
      systemu (~> 2.6.2)
    mail (2.5.4)
      mime-types (~> 1.16)
      treetop (~> 1.4.8)
    mailcatcher (0.2.4)
      eventmachine
      haml
      i18n
      json
      mail
      sinatra
      skinny (>= 0.1.2)
      sqlite3-ruby
      thin
    memcachier (0.0.2)
    meta_request (0.3.3)
      callsite (~> 0.0, >= 0.0.11)
      rack-contrib (~> 1.1)
      railties (>= 3.0.0, < 5.0.0)
    method_source (0.8.2)
    mime-types (1.25.1)
    mini_portile (0.6.0)
    minitest (5.4.1)
    multi_json (1.10.1)
    multi_xml (0.5.5)
    multipart-post (2.0.0)
    netrc (0.7.7)
    nokogiri (1.6.3.1)
      mini_portile (= 0.6.0)
    nori (2.4.0)
    oauth2 (1.0.0)
      faraday (>= 0.8, < 0.10)
      jwt (~> 1.0)
      multi_json (~> 1.3)
      multi_xml (~> 0.5)
      rack (~> 1.2)
    omniauth (1.2.2)
      hashie (>= 1.2, < 4)
      rack (~> 1.0)
    omniauth-facebook (1.6.0)
      omniauth-oauth2 (~> 1.1)
    omniauth-oauth2 (1.2.0)
      faraday (>= 0.8, < 0.10)
      multi_json (~> 1.3)
      oauth2 (~> 1.0)
      omniauth (~> 1.2)
    orm_adapter (0.5.0)
    pg (0.17.1)
    poltergeist (1.5.1)
      capybara (~> 2.1)
      cliver (~> 0.3.1)
      multi_json (~> 1.0)
      websocket-driver (>= 0.2.0)
    polyglot (0.3.5)
    postmark (1.3.1)
      json
      rake
    postmark-rails (0.8.0)
      actionmailer (>= 3.0.0)
      postmark (~> 1.3.0)
    pr_geohash (1.0.0)
    premailer (1.8.2)
      css_parser (>= 1.3.5)
      htmlentities (>= 4.0.0)
    pry (0.10.0)
      coderay (~> 1.1.0)
      method_source (~> 0.8.1)
      slop (~> 3.4)
    pry-byebug (1.3.3)
      byebug (~> 2.7)
      pry (~> 0.10)
    pry-rails (0.3.2)
      pry (>= 0.9.10)
    rack (1.5.2)
    rack-cache (1.2)
      rack (>= 0.4)
    rack-contrib (1.1.0)
      rack (>= 0.9.1)
    rack-protection (1.5.3)
      rack
    rack-test (0.6.2)
      rack (>= 1.0)
    rails (4.1.4)
      actionmailer (= 4.1.4)
      actionpack (= 4.1.4)
      actionview (= 4.1.4)
      activemodel (= 4.1.4)
      activerecord (= 4.1.4)
      activesupport (= 4.1.4)
      bundler (>= 1.3.0, < 2.0)
      railties (= 4.1.4)
      sprockets-rails (~> 2.0)
    rails-i18n (4.0.2)
      i18n (~> 0.6)
      rails (>= 4.0)
    rails_engine_decorators (1.0.0)
      railties (>= 3.2.8)
    railties (4.1.4)
      actionpack (= 4.1.4)
      activesupport (= 4.1.4)
      rake (>= 0.8.7)
      thor (>= 0.18.1, < 2.0)
    raindrops (0.13.0)
    rake (10.3.2)
    rb-fsevent (0.9.4)
    rb-inotify (0.9.5)
      ffi (>= 0.5.0)
    redis (3.1.0)
    redis-namespace (1.5.1)
      redis (~> 3.0, >= 3.0.4)
    respond-js-rails (1.4.2)
      railties (~> 4.0, < 5.0)
    responders (1.1.2)
      railties (>= 3.2, < 4.2)
    rest-client (1.7.2)
      mime-types (>= 1.16, < 3.0)
      netrc (~> 0.7)
    rsolr (1.0.10)
      builder (>= 2.1.2)
    rspec (2.14.1)
      rspec-core (~> 2.14.0)
      rspec-expectations (~> 2.14.0)
      rspec-mocks (~> 2.14.0)
    rspec-core (2.14.8)
    rspec-expectations (2.14.5)
      diff-lcs (>= 1.1.3, < 2.0)
    rspec-mocks (2.14.6)
    rspec-rails (2.14.2)
      actionpack (>= 3.0)
      activemodel (>= 3.0)
      activesupport (>= 3.0)
      railties (>= 3.0)
      rspec-core (~> 2.14.0)
      rspec-expectations (~> 2.14.0)
      rspec-mocks (~> 2.14.0)
    rspec-sidekiq (1.1.0)
      rspec (~> 2.0)
      sidekiq (>= 2.4.0)
    safe_yaml (1.0.3)
    sass (3.2.19)
    sass-rails (4.0.3)
      railties (>= 4.0.0, < 5.0)
      sass (~> 3.2.0)
      sprockets (~> 2.8, <= 2.11.0)
      sprockets-rails (~> 2.0)
    savon (2.8.0)
      akami (~> 1.2)
      builder (>= 2.1.2)
      gyoku (~> 1.2)
      httpi (~> 2.3)
      nokogiri (>= 1.4.0)
      nori (~> 2.4)
      uuid (~> 2.3.7)
      wasabi (= 3.3.0)
    shoulda-matchers (2.6.2)
      activesupport (>= 3.0.0)
    sidekiq (3.2.6)
      celluloid (= 0.15.2)
      connection_pool (>= 2.0.0)
      json
      redis (>= 3.0.6)
      redis-namespace (>= 1.3.1)
    sidekiq-failures (0.4.3)
      sidekiq (>= 2.16.0)
    sidekiq-status (0.5.1)
      sidekiq (>= 2.7, < 3.4)
    sidetiq (0.6.1)
      celluloid (>= 0.14.1)
      ice_cube (~> 0.12.0)
      sidekiq (>= 2.16.0)
    signet (0.5.1)
      addressable (>= 2.2.3)
      faraday (>= 0.9.0.rc5)
      jwt (>= 0.1.5)
      multi_json (>= 1.0.0)
    simplecov (0.7.1)
      multi_json (~> 1.0)
      simplecov-html (~> 0.7.1)
    simplecov-html (0.7.1)
    sinatra (1.4.5)
      rack (~> 1.4)
      rack-protection (~> 1.4)
      tilt (~> 1.3, >= 1.3.4)
    skinny (0.2.3)
      eventmachine (~> 1.0.0)
      thin (~> 1.5.0)
    slop (3.6.0)
    spring (1.1.3)
    spring-commands-rspec (1.0.2)
      spring (>= 0.9.1)
    sprockets (2.11.0)
      hike (~> 1.2)
      multi_json (~> 1.0)
      rack (~> 1.0)
      tilt (~> 1.1, != 1.3.0)
    sprockets-rails (2.1.3)
      actionpack (>= 3.0)
      activesupport (>= 3.0)
      sprockets (~> 2.8)
    sqlite3 (1.3.9)
    sqlite3-ruby (1.3.3)
      sqlite3 (>= 1.3.3)
    sunspot (2.1.1)
      pr_geohash (~> 1.0)
      rsolr (~> 1.0.7)
    sunspot_matchers (2.1.1.0)
    sunspot_rails (2.1.1)
      nokogiri
      rails (>= 3)
      sunspot (= 2.1.1)
    sunspot_solr (2.1.1)
    systemu (2.6.4)
    teaspoon (0.8.0)
      railties (>= 3.2.5, < 5)
    term-ansicolor (1.3.0)
      tins (~> 1.0)
    test_after_commit (0.4.0)
      activerecord (>= 3.2)
    thin (1.5.1)
      daemons (>= 1.0.9)
      eventmachine (>= 0.12.6)
      rack (>= 1.0.0)
    thor (0.19.1)
    thread_safe (0.3.4)
    tilt (1.4.1)
    timecop (0.7.1)
    timers (1.1.0)
    tins (1.3.0)
    treetop (1.4.15)
      polyglot
      polyglot (>= 0.3.1)
    turbolinks (2.3.0)
      coffee-rails
    tzinfo (1.2.2)
      thread_safe (~> 0.1)
    uglifier (2.5.3)
      execjs (>= 0.3.0)
      json (>= 1.8.0)
    unicorn (4.8.3)
      kgio (~> 2.6)
      rack
      raindrops (~> 0.7)
    uniform_notifier (1.6.2)
    uuid (2.3.7)
      macaddr (~> 1.0)
    uuidtools (2.1.5)
    vcr (2.9.2)
    warden (1.2.3)
      rack (>= 1.0)
    wasabi (3.3.0)
      httpi (~> 2.0)
      mime-types (< 2.0.0)
      nokogiri (>= 1.4.0)
    webmock (1.18.0)
      addressable (>= 2.3.6)
      crack (>= 0.3.2)
    websocket-driver (0.3.4)
    will_paginate (3.0.7)
    xpath (2.0.0)
      nokogiri (~> 1.3)

PLATFORMS
  ruby

DEPENDENCIES
  better_errors
  binding_of_caller
  bullet
  byebug
  capybara
  codeclimate-test-reporter
  coveralls
  dalli (~> 2.7.2)
  database_cleaner
  deep_cloneable (~> 2.0.0)
  deface (~> 1.0.0)
  factory_girl_rails
  faker
  figaro (= 1.0.0.rc1)
  font-awesome-sass (~> 4.1.0)
  generator_spec
  guard-rspec
  httparty
  image_system!
  jquery-rails (~> 3.1.1)
  jquery-turbolinks (~> 2.0.1)
  jquery-ui-rails (~> 5.0.0)
  kgio
  koala (~> 1.10.0)
  launchy
  mailcatcher
  memcachier
  meta_request
  omniauth-facebook
  pg (~> 0.17.0)
  poltergeist
  postmark-rails (~> 0.8.0)
  premailer (~> 1.8.2)
  pry
  pry-byebug
  pry-rails
  rack-cache
  rack-mini-profiler!
  rails (= 4.1.4)
  rails-i18n (~> 4.0.0)
  rails_engine_decorators (~> 1.0.0)
  rb-fsevent
  rspec-rails (~> 2.14.1)
  rspec-sidekiq
  sass-rails (~> 4.0.3)
  shoulda-matchers (~> 2.6.2)
  sidekiq (~> 3.2.6)
  sidekiq-failures (~> 0.4.3)
  sidekiq-status (~> 0.5.1)
  sidetiq (~> 0.6.1)
  simplecov (~> 0.7.1)
  spring
  spring-commands-rspec
  sqlite3
  sunspot_matchers (~> 2.1.1.0)
  sunspot_rails (~> 2.1.1)
  sunspot_solr (~> 2.1.1)
  teaspoon (~> 0.8.0)
  test_after_commit
  timecop
  turbolinks (~> 2.3.0)
  uglifier (>= 2.3.0)
  unicorn (~> 4.8.3)
  vcr
  webmock (~> 1.18.0)
  white_album_core!
  white_album_theme!
